{
  "InstitutionName": "University of Arizona",
  "InstitutionalDepartmentName": "Psychology",
  "PowerLineFrequency": 60,
  "ManufacturersModelName": "Neuroscan Synamps2",
  "EEGGround": "AFz",
  "EEGReference": "Between Cz & CPz",
  "EEGChannelCount": 64,
  "TaskName": "ProbabilisticSelection",
  "MiscChannelCount": 66,
  "RecordingType": "continuous",
  "RecordingDuration": 1270.152,
  "SamplingFrequency": 500,
  "SubjectArtefactDescription": "not much to say given this was done >10 years ago...",
  "EOGChannelCount": 0,
  "ECGChannelCount": 0,
  "EMGChannelCount": 0,
  "SoftwareFilters": "n/a"
}